GEM
  remote: https://rubygems.org/
  specs:
    aws-eventstream (1.2.0)
    aws-partitions (1.543.0)
    aws-sdk-core (3.125.0)
      aws-eventstream (~> 1, >= 1.0.2)
      aws-partitions (~> 1, >= 1.525.0)
      aws-sigv4 (~> 1.1)
      jmespath (~> 1.0)
    aws-sdk-sqs (1.49.0)
      aws-sdk-core (~> 3, >= 3.125.0)
      aws-sigv4 (~> 1.1)
    aws-sigv4 (1.4.0)
      aws-eventstream (~> 1, >= 1.0.2)
    declarative (0.0.20)
    figaro (1.2.0)
      thor (>= 0.14.0, < 2)
    jmespath (1.4.0)
    multi_json (1.15.0)
    representable (3.1.1)
      declarative (< 0.1.0)
      trailblazer-option (>= 0.1.1, < 0.2.0)
      uber (< 0.2.0)
    roar (1.1.1)
      representable (~> 3.0)
    thor (1.1.0)
    trailblazer-option (0.1.2)
    uber (0.1.0)

PLATFORMS
  arm64-darwin-20

DEPENDENCIES
  aws-sdk-sqs (~> 1.48)
  figaro (~> 1.2)
  multi_json
  roar

RUBY VERSION
   ruby 3.0.3p157

BUNDLED WITH
   2.2.32
